GEM
  remote: http://rubygems.org/
  specs:
    abstract (1.0.0)
    actionmailer (3.0.8.rc1)
      actionpack (= 3.0.8.rc1)
      mail (~> 2.2.19)
    actionpack (3.0.8.rc1)
      activemodel (= 3.0.8.rc1)
      activesupport (= 3.0.8.rc1)
      builder (~> 2.1.2)
      erubis (~> 2.6.6)
      i18n (~> 0.5.0)
      rack (~> 1.2.1)
      rack-mount (~> 0.6.14)
      rack-test (~> 0.5.7)
      tzinfo (~> 0.3.23)
    activemodel (3.0.8.rc1)
      activesupport (= 3.0.8.rc1)
      builder (~> 2.1.2)
      i18n (~> 0.5.0)
    activerecord (3.0.8.rc1)
      activemodel (= 3.0.8.rc1)
      activesupport (= 3.0.8.rc1)
      arel (~> 2.0.10)
      tzinfo (~> 0.3.23)
    activeresource (3.0.8.rc1)
      activemodel (= 3.0.8.rc1)
      activesupport (= 3.0.8.rc1)
    activesupport (3.0.8.rc1)
    acts_as_indexed (0.7.3)
    addressable (2.2.6)
    arel (2.0.10)
    awesome_nested_set (2.0.1)
      activerecord (>= 3.0.0)
    babosa (0.3.5)
    bcrypt-ruby (2.1.4)
    builder (2.1.2)
    columnize (0.3.4)
    devise (1.3.4)
      bcrypt-ruby (~> 2.1.2)
      orm_adapter (~> 0.0.3)
      warden (~> 1.0.3)
    dragonfly (0.9.4)
      rack
    erubis (2.6.6)
      abstract (>= 1.0.0)
    formtastic (1.2.4)
      actionpack (>= 2.3.7)
      activesupport (>= 2.3.7)
      i18n (~> 0.4)
    friendly_id_globalize3 (3.2.1.4)
      babosa (~> 0.3.0)
    globalize3 (0.1.0)
      activemodel (>= 3.0.0)
      activerecord (>= 3.0.0)
    haml (3.1.2)
    haml-rails (0.3.4)
      actionpack (~> 3.0)
      activesupport (~> 3.0)
      haml (~> 3.0)
      railties (~> 3.0)
    heroku (2.4.0)
      launchy (>= 0.3.2)
      rest-client (~> 1.6.1)
      term-ansicolor (~> 1.0.5)
    i18n (0.5.0)
    jquery-rails (1.0.12)
      railties (~> 3.0)
      thor (~> 0.14)
    launchy (2.0.4)
      addressable (~> 2.2.6)
    linecache (0.46)
      rbx-require-relative (> 0.0.4)
    mail (2.2.19)
      activesupport (>= 2.3.6)
      i18n (>= 0.4.0)
      mime-types (~> 1.16)
      treetop (~> 1.4.8)
    mime-types (1.16)
    orm_adapter (0.0.5)
    pg (0.11.0)
    polyglot (0.3.1)
    rack (1.2.3)
    rack-cache (1.0.2)
      rack (>= 0.4)
    rack-mount (0.6.14)
      rack (>= 1.0.0)
    rack-test (0.5.7)
      rack (>= 1.0)
    rails (3.0.8.rc1)
      actionmailer (= 3.0.8.rc1)
      actionpack (= 3.0.8.rc1)
      activerecord (= 3.0.8.rc1)
      activeresource (= 3.0.8.rc1)
      activesupport (= 3.0.8.rc1)
      bundler (~> 1.0)
      railties (= 3.0.8.rc1)
    railties (3.0.8.rc1)
      actionpack (= 3.0.8.rc1)
      activesupport (= 3.0.8.rc1)
      rake (>= 0.8.7)
      thor (~> 0.14.4)
    rake (0.8.7)
    rbx-require-relative (0.0.5)
    refinerycms (1.0.0)
      bundler (~> 1.0)
      refinerycms-authentication (= 1.0.0)
      refinerycms-base (= 1.0.0)
      refinerycms-core (= 1.0.0)
      refinerycms-dashboard (= 1.0.0)
      refinerycms-images (= 1.0.0)
      refinerycms-pages (= 1.0.0)
      refinerycms-resources (= 1.0.0)
      refinerycms-settings (= 1.0.0)
    refinerycms-authentication (1.0.0)
      devise (~> 1.3.0)
      friendly_id_globalize3 (~> 3.2.1)
      refinerycms-core (= 1.0.0)
    refinerycms-base (1.0.0)
    refinerycms-core (1.0.0)
      acts_as_indexed (~> 0.7)
      awesome_nested_set (~> 2.0)
      friendly_id_globalize3 (~> 3.2.1)
      globalize3 (~> 0.1)
      rails (~> 3.0.7)
      refinerycms-base (= 1.0.0)
      refinerycms-generators (~> 1.0)
      refinerycms-settings (= 1.0.0)
      truncate_html (~> 0.5)
      will_paginate (~> 3.0.pre)
    refinerycms-dashboard (1.0.0)
      refinerycms-core (= 1.0.0)
    refinerycms-generators (1.0.2)
    refinerycms-i18n (1.0.0)
      refinerycms-core (>= 0.9.9.12)
      routing-filter (>= 0.2.3)
    refinerycms-images (1.0.0)
      dragonfly (~> 0.9.0)
      rack-cache (>= 0.5.3)
      refinerycms-core (= 1.0.0)
    refinerycms-pages (1.0.0)
      awesome_nested_set (~> 2.0)
      friendly_id_globalize3 (~> 3.2.1)
      globalize3 (~> 0.1)
      refinerycms-core (= 1.0.0)
      seo_meta (~> 1.1)
    refinerycms-resources (1.0.0)
      dragonfly (~> 0.9.0)
      rack-cache (>= 0.5.3)
      refinerycms-core (= 1.0.0)
    refinerycms-settings (1.0.0)
      refinerycms-base (= 1.0.0)
    rest-client (1.6.3)
      mime-types (>= 1.16)
    routing-filter (0.2.4)
      actionpack
    ruby-debug (0.10.4)
      columnize (>= 0.1)
      ruby-debug-base (~> 0.10.4.0)
    ruby-debug-base (0.10.4)
      linecache (>= 0.3)
    seo_meta (1.1.1)
      refinerycms-generators (~> 1.0.1)
    term-ansicolor (1.0.6)
    thor (0.14.6)
    treetop (1.4.9)
      polyglot (>= 0.3.1)
    truncate_html (0.5.1)
    tzinfo (0.3.29)
    warden (1.0.4)
      rack (>= 1.0)
    will_paginate (3.0.pre2)

PLATFORMS
  ruby

DEPENDENCIES
  formtastic
  haml-rails
  heroku
  jquery-rails (>= 1.0.12)
  pg
  rails (= 3.0.8.rc1)
  rake (~> 0.8.7)
  refinerycms
  refinerycms-i18n
  ruby-debug
